GEM
  remote: https://rubygems.org/
  specs:
    mini_portile2 (2.4.0)
    nokogiri (1.10.3)
      mini_portile2 (~> 2.4.0)
    paru (0.3.0.1)

PLATFORMS
  ruby

DEPENDENCIES
  nokogiri
  paru

BUNDLED WITH
   1.16.5
